PATH
  remote: .
  specs:
    sidekiq-compress (0.0.2)

GEM
  remote: https://rubygems.org/
  specs:
    minitest (5.14.0)
    rake (10.5.0)
    zstd-ruby (1.4.4.0)

PLATFORMS
  ruby

DEPENDENCIES
  bundler (~> 2.0)
  minitest (~> 5.0)
  rake (~> 10.0)
  sidekiq-compress!
  zstd-ruby

BUNDLED WITH
   2.0.2
